GEM
  remote: http://rubygems.org/
  specs:
    awesome_print (1.0.2)
    diff-lcs (1.1.3)
    git (1.2.5)
    growl (1.0.3)
    guard (0.8.8)
      thor (~> 0.14.6)
    guard-bundler (0.1.3)
      bundler (>= 1.0.0)
      guard (>= 0.2.2)
    guard-rspec (0.5.11)
      guard (>= 0.8.4)
    guard-shell (0.1.1)
      guard (>= 0.2.0)
    jeweler (1.6.4)
      bundler (~> 1.0)
      git (>= 1.2.5)
      rake
    rake (0.9.2.2)
    rb-fsevent (0.4.3.1)
    rspec (2.8.0)
      rspec-core (~> 2.8.0)
      rspec-expectations (~> 2.8.0)
      rspec-mocks (~> 2.8.0)
    rspec-core (2.8.0)
    rspec-expectations (2.8.0)
      diff-lcs (~> 1.1.2)
    rspec-mocks (2.8.0)
    ruby-prof (0.10.8)
    thor (0.14.6)

PLATFORMS
  ruby

DEPENDENCIES
  awesome_print
  growl (~> 1.0.3)
  guard (~> 0.8.4)
  guard-bundler (~> 0.1.3)
  guard-rspec (~> 0.5.2)
  guard-shell (~> 0.1.1)
  jeweler (~> 1.6.4)
  rb-fsevent (~> 0.4.3.1)
  rspec
  ruby-prof
