GEM
  remote: http://rubygems.org/
  specs:
    awesome_print (1.0.2)
    coderay (1.0.7)
    diff-lcs (1.1.3)
    git (1.2.5)
    growl (1.0.3)
    guard (0.8.8)
      thor (~> 0.14.6)
    guard-bundler (0.1.3)
      bundler (>= 1.0.0)
      guard (>= 0.2.2)
    guard-rspec (0.5.11)
      guard (>= 0.8.4)
    guard-shell (0.1.1)
      guard (>= 0.2.0)
    jeweler (1.6.4)
      bundler (~> 1.0)
      git (>= 1.2.5)
      rake
    method_source (0.7.1)
    pry (0.9.9.6)
      coderay (~> 1.0.5)
      method_source (~> 0.7.1)
      slop (>= 2.4.4, < 3)
    pry (0.9.9.6-java)
      coderay (~> 1.0.5)
      method_source (~> 0.7.1)
      slop (>= 2.4.4, < 3)
      spoon (~> 0.0)
    rake (0.9.2.2)
    rb-fsevent (0.4.3.1)
    rspec (2.10.0)
      rspec-core (~> 2.10.0)
      rspec-expectations (~> 2.10.0)
      rspec-mocks (~> 2.10.0)
    rspec-core (2.10.1)
    rspec-expectations (2.10.0)
      diff-lcs (~> 1.1.3)
    rspec-mocks (2.10.1)
    ruby-prof (0.11.2)
    slop (2.4.4)
    spoon (0.0.1)
    thor (0.14.6)

PLATFORMS
  java
  ruby

DEPENDENCIES
  awesome_print
  growl (~> 1.0.3)
  guard (~> 0.8.4)
  guard-bundler (~> 0.1.3)
  guard-rspec (~> 0.5.2)
  guard-shell (~> 0.1.1)
  jeweler (~> 1.6.4)
  pry
  rb-fsevent (~> 0.4.3.1)
  rspec
  ruby-prof
